GEM
  remote: https://rubygems.org/
  specs:
    brcep (3.3.0)
    cpf_cnpj (0.4.1)
    daemons (1.2.6)
    eventmachine (1.2.5)
    json (2.1.0)
    mustermann (1.0.2)
    pp (0.1.1)
    rack (2.0.4)
    rack-protection (2.0.1)
      rack
    sinatra (2.0.1)
      mustermann (~> 1.0)
      rack (~> 2.0)
      rack-protection (= 2.0.1)
      tilt (~> 2.0)
    thin (1.7.2)
      daemons (~> 1.0, >= 1.0.9)
      eventmachine (~> 1.0, >= 1.0.4)
      rack (>= 1, < 3)
    tilt (2.0.8)

PLATFORMS
  ruby

DEPENDENCIES
  brcep
  cpf_cnpj
  json
  pp
  sinatra
  thin

BUNDLED WITH
   1.16.1
